GEM
  remote: https://rubygems.org/
  specs:
    backports (3.17.2)
    multi_json (1.14.1)
    mustermann (1.1.1)
      ruby2_keywords (~> 0.0.1)
    rack (2.2.6.4)
    rack-protection (2.0.8.1)
      rack
    ruby2_keywords (0.0.2)
    sinatra (2.0.8.1)
      mustermann (~> 1.0)
      rack (~> 2.0)
      rack-protection (= 2.0.8.1)
      tilt (~> 2.0)
    sinatra-base (1.0)
      rack (>= 1.0)
    sinatra-contrib (2.0.8.1)
      backports (>= 2.8.2)
      multi_json
      mustermann (~> 1.0)
      rack-protection (= 2.0.8.1)
      sinatra (= 2.0.8.1)
      tilt (~> 2.0)
    tilt (2.0.10)
    wav-file (0.0.3)
    wavefile (1.1.1)

PLATFORMS
  ruby

DEPENDENCIES
  sinatra
  sinatra-base
  sinatra-contrib
  wav-file
  wavefile

BUNDLED WITH
   1.17.3
